GEM
  remote: https://rubygems.org/
  specs:
    activesupport (5.0.0.1)
      concurrent-ruby (~> 1.0, >= 1.0.2)
      i18n (~> 0.7)
      minitest (~> 5.1)
      tzinfo (~> 1.1)
    concurrent-ruby (1.0.2)
    daemons (1.2.4)
    eventmachine (1.2.0.1)
    i18n (0.7.0)
    minitest (5.9.0)
    rack (1.6.4)
    rack-protection (1.5.3)
      rack
    simpleidn (0.0.7)
    sinatra (1.4.7)
      rack (~> 1.5)
      rack-protection (~> 1.4)
      tilt (>= 1.3, < 3)
    slim (2.1.0)
      temple (~> 0.6.9)
      tilt (>= 1.3.3, < 2.1)
    temple (0.6.10)
    thin (1.7.0)
      daemons (~> 1.0, >= 1.0.9)
      eventmachine (~> 1.0, >= 1.0.4)
      rack (>= 1, < 3)
    thread_safe (0.3.5)
    tilt (2.0.5)
    tzinfo (1.2.2)
      thread_safe (~> 0.1)
    whois (3.6.5)
      activesupport (>= 3)

PLATFORMS
  ruby

DEPENDENCIES
  simpleidn
  sinatra (~> 1.4)
  slim (~> 2.0)
  thin (~> 1.6)
  whois (~> 3.4)

RUBY VERSION
   ruby 2.3.1p112

BUNDLED WITH
   1.12.5
