GEM
  remote: https://rubygems.org/
  specs:
    daemons (1.2.4)
    eventmachine (1.2.1)
    rack (1.6.5)
    rack-protection (1.5.3)
      rack
    simpleidn (0.0.7)
    sinatra (1.4.7)
      rack (~> 1.5)
      rack-protection (~> 1.4)
      tilt (>= 1.3, < 3)
    slim (2.1.0)
      temple (~> 0.6.9)
      tilt (>= 1.3.3, < 2.1)
    temple (0.6.10)
    thin (1.7.0)
      daemons (~> 1.0, >= 1.0.9)
      eventmachine (~> 1.0, >= 1.0.4)
      rack (>= 1, < 3)
    tilt (2.0.5)
    whois (4.0.1)

PLATFORMS
  ruby

DEPENDENCIES
  simpleidn
  sinatra (~> 1.4)
  slim (~> 2.0)
  thin (~> 1.6)
  whois (~> 4.0)

RUBY VERSION
   ruby 2.3.1p112

BUNDLED WITH
   1.13.6
