GEM
  remote: https://rubygems.org/
  specs:
    daemons (1.2.6)
    eventmachine (1.2.7)
    mustermann (1.0.3)
    rack (2.0.6)
    rack-protection (2.0.5)
      rack
    rack-ssl-enforcer (0.2.9)
    simpleidn (0.1.1)
      unf (~> 0.1.4)
    sinatra (2.0.5)
      mustermann (~> 1.0)
      rack (~> 2.0)
      rack-protection (= 2.0.5)
      tilt (~> 2.0)
    slim (4.0.1)
      temple (>= 0.7.6, < 0.9)
      tilt (>= 2.0.6, < 2.1)
    temple (0.8.0)
    thin (1.7.2)
      daemons (~> 1.0, >= 1.0.9)
      eventmachine (~> 1.0, >= 1.0.4)
      rack (>= 1, < 3)
    tilt (2.0.9)
    unf (0.1.4)
      unf_ext
    unf_ext (0.0.7.5)
    whois (4.0.7)

PLATFORMS
  ruby

DEPENDENCIES
  rack-ssl-enforcer (~> 0.2.9)
  simpleidn
  sinatra (~> 2.0)
  slim (~> 4.0)
  thin (~> 1.6)
  whois (~> 4.0)

RUBY VERSION
   ruby 2.6.0p-1

BUNDLED WITH
   2.0.0
